PATH
  remote: ../husky
  specs:
    husky (0.2.0)
      rack

GEM
  remote: https://rubygems.org/
  specs:
    rack (2.0.1)

PLATFORMS
  ruby

DEPENDENCIES
  husky!

BUNDLED WITH
   1.11.2
