GEM
  remote: https://rubygems.org/
  specs:
    husky (0.2.0)
      rack
    rack (2.0.1)

PLATFORMS
  ruby

DEPENDENCIES
  husky

BUNDLED WITH
   1.11.2
