PATH
  remote: .
  specs:
    husky (0.5.0)
      erubis
      multi_json
      rack

GEM
  remote: https://rubygems.org/
  specs:
    coderay (1.1.1)
    erubis (2.7.0)
    method_source (0.8.2)
    minitest (5.9.0)
    multi_json (1.11.2)
    pry (0.10.4)
      coderay (~> 1.1.0)
      method_source (~> 0.8.1)
      slop (~> 3.4)
    rack (2.0.1)
    rack-test (0.6.3)
      rack (>= 1.0)
    rake (10.5.0)
    slop (3.6.0)

PLATFORMS
  ruby

DEPENDENCIES
  bundler (~> 1.11)
  husky!
  minitest (~> 5.0)
  pry
  rack-test
  rake (~> 10.0)

BUNDLED WITH
   1.11.2
