PATH
  remote: .
  specs:
    husky (0.1.0)
      rack

GEM
  remote: https://rubygems.org/
  specs:
    minitest (5.9.0)
    rack (2.0.1)
    rack-test (0.6.3)
      rack (>= 1.0)
    rake (10.5.0)

PLATFORMS
  ruby

DEPENDENCIES
  bundler (~> 1.11)
  husky!
  minitest (~> 5.0)
  rack-test
  rake (~> 10.0)

BUNDLED WITH
   1.11.2
